PATH
  remote: .
  specs:
    aion-s3 (1.0.2)
      aws-sdk-s3 (~> 1)

GEM
  remote: https://rubygems.org/
  specs:
    aws-eventstream (1.1.1)
    aws-partitions (1.468.0)
    aws-sdk-core (3.114.3)
      aws-eventstream (~> 1, >= 1.0.2)
      aws-partitions (~> 1, >= 1.239.0)
      aws-sigv4 (~> 1.1)
      jmespath (~> 1.0)
    aws-sdk-kms (1.43.0)
      aws-sdk-core (~> 3, >= 3.112.0)
      aws-sigv4 (~> 1.1)
    aws-sdk-s3 (1.96.1)
      aws-sdk-core (~> 3, >= 3.112.0)
      aws-sdk-kms (~> 1)
      aws-sigv4 (~> 1.1)
    aws-sigv4 (1.2.3)
      aws-eventstream (~> 1, >= 1.0.2)
    jmespath (1.4.0)
    minitest (5.11.3)
    rake (12.3.3)
    uri (0.12.1)

PLATFORMS
  ruby

DEPENDENCIES
  aion-s3!
  bundler (~> 2.2.10)
  minitest (~> 5.11.3)
  rake (~> 12.3.1)
  uri (~> 0.12.1)

BUNDLED WITH
   2.2.19
